GEM
  remote: http://rubygems.org/
  specs:
    commonjs (0.2.6)
    graphite_graph (0.0.7)
    jruby-jars (1.7.2)
    jruby-rack (1.1.13.1)
    less (2.2.1)
      commonjs (~> 0.2.6)
    libv8 (3.3.10.4)
    rack (1.4.1)
    rack-protection (1.2.0)
      rack
    rake (10.0.3)
    rubyzip (0.9.9)
    sinatra (1.3.3)
      rack (~> 1.3, >= 1.3.6)
      rack-protection (~> 1.2)
      tilt (~> 1.3, >= 1.3.3)
    therubyracer (0.10.1)
      libv8 (~> 3.3.10)
    therubyrhino (2.0.2)
      therubyrhino_jar (>= 1.7.3)
    therubyrhino_jar (1.7.4)
    tilt (1.3.3)
    warbler (1.3.6)
      jruby-jars (>= 1.4.0)
      jruby-rack (>= 1.0.0)
      rake (>= 0.8.7)
      rubyzip (>= 0.9.4)

PLATFORMS
  ruby

DEPENDENCIES
  graphite_graph (~> 0.0.7)
  less
  sinatra
  therubyracer
  therubyrhino
  warbler
